GEM
  remote: https://rubygems.org/
  specs:
    minitest (5.10.3)
    rake (13.0.6)

PLATFORMS
  ruby

DEPENDENCIES
  minitest (~> 5.10.2)
  rake

RUBY VERSION
   ruby 3.1.4p223

BUNDLED WITH
   2.3.26
